GEM
  remote: https://rubygems.org/
  specs:
    ZenTest (4.8.2)
    autotest (4.4.6)
      ZenTest (>= 4.4.1)
    builder (3.1.4)
    cucumber (1.2.1)
      builder (>= 2.1.2)
      diff-lcs (>= 1.1.3)
      gherkin (~> 2.11.0)
      json (>= 1.4.6)
    diff-lcs (1.1.3)
    gherkin (2.11.5)
      json (>= 1.4.6)
    json (1.7.5)
    rake (0.9.2.2)
    rspec (2.11.0)
      rspec-core (~> 2.11.0)
      rspec-expectations (~> 2.11.0)
      rspec-mocks (~> 2.11.0)
    rspec-core (2.11.1)
    rspec-expectations (2.11.3)
      diff-lcs (~> 1.1.3)
    rspec-mocks (2.11.3)

PLATFORMS
  ruby

DEPENDENCIES
  autotest
  cucumber
  rake
  rspec
